GEM
  remote: http://rubygems.org/
  specs:
    em-redis (0.3.0)
      eventmachine
    eventmachine (0.12.10)
    eventmachine_httpserver (0.2.1)

PLATFORMS
  ruby

DEPENDENCIES
  em-redis
  eventmachine
  eventmachine_httpserver
